PATH
  remote: .
  specs:
    butler (0.2.3)
      activesupport
      colorize
      tty-prompt

GEM
  remote: https://rubygems.org/
  specs:
    activesupport (5.2.2.1)
      concurrent-ruby (~> 1.0, >= 1.0.2)
      i18n (>= 0.7, < 2)
      minitest (~> 5.1)
      tzinfo (~> 1.1)
    colorize (0.8.1)
    concurrent-ruby (1.1.5)
    equatable (0.5.0)
    i18n (1.6.0)
      concurrent-ruby (~> 1.0)
    minitest (5.11.3)
    necromancer (0.4.0)
    pastel (0.7.2)
      equatable (~> 0.5.0)
      tty-color (~> 0.4.0)
    rake (10.5.0)
    thread_safe (0.3.6)
    timers (4.3.0)
    tty-color (0.4.3)
    tty-cursor (0.6.1)
    tty-prompt (0.18.1)
      necromancer (~> 0.4.0)
      pastel (~> 0.7.0)
      timers (~> 4.0)
      tty-cursor (~> 0.6.0)
      tty-reader (~> 0.5.0)
    tty-reader (0.5.0)
      tty-cursor (~> 0.6.0)
      tty-screen (~> 0.6.4)
      wisper (~> 2.0.0)
    tty-screen (0.6.5)
    tzinfo (1.2.5)
      thread_safe (~> 0.1)
    wisper (2.0.0)

PLATFORMS
  ruby

DEPENDENCIES
  bundler (~> 2.0)
  butler!
  rake (~> 10.0)

BUNDLED WITH
   2.0.1
